GEM
  remote: https://rubygems.org/
  specs:
    activesupport (3.2.12)
      i18n (~> 0.6)
      multi_json (~> 1.0)
    coderay (1.0.9)
    coffee-script (2.2.0)
      coffee-script-source
      execjs
    coffee-script-source (1.5.0)
    daemons (1.1.9)
    deano (1.1.3)
    eco (1.0.0)
      coffee-script
      eco-source
      execjs
    eco-source (1.1.0.rc.1)
    eventmachine (1.0.1)
    execjs (1.4.0)
      multi_json (~> 1.0)
    foreman (0.60.0)
      thor (>= 0.13.6)
    hike (1.2.1)
    i18n (0.6.4)
    method_source (0.8.1)
    multi_json (1.6.1)
    pry (0.9.12)
      coderay (~> 1.0.5)
      method_source (~> 0.8)
      slop (~> 3.4)
    rack (1.5.2)
    rack-protection (1.4.0)
      rack
    sass (3.2.6)
    shotgun (0.9)
      rack (>= 1.0)
    sinatra (1.3.5)
      rack (~> 1.4)
      rack-protection (~> 1.3)
      tilt (~> 1.3, >= 1.3.3)
    sinatra-twitter-bootstrap (2.3.1.1)
    slop (3.4.3)
    sprockets (2.9.0)
      hike (~> 1.2)
      multi_json (~> 1.0)
      rack (~> 1.0)
      tilt (~> 1.1, != 1.3.0)
    thin (1.5.0)
      daemons (>= 1.0.9)
      eventmachine (>= 0.12.6)
      rack (>= 1.0.0)
    thor (0.17.0)
    tilt (1.3.4)

PLATFORMS
  ruby

DEPENDENCIES
  activesupport
  coffee-script
  deano
  eco
  foreman (= 0.60.0)
  pry
  sass
  shotgun
  sinatra
  sinatra-twitter-bootstrap
  sprockets
  thin
